##TITLE= Parameter file, TopSpin 3.6.5
##JCAMPDX= 5.0
##DATATYPE= Parameter Values
##NPOINTS= 1	$$ modification sequence number
##ORIGIN= Bruker BioSpin GmbH
##OWNER= chemist
$$ 2023-07-04 18:49:44.106 +0100  chemist@arran
$$ C:/Bruker/TopSpin3.6.5/exp/stan/nmr/par/user/janus-hsqc.txo/acqu2
$$ process C:\Bruker\TopSpin3.6.5\prog\mod\edparproc.exe
##$ACQT0= 0
##$BF1= 176.06543004
##$FnILOOP= 0
##$FnMODE= 6
##$NUC1= <13C>
##$NusJSP= 0
##$NusT2= 1
##$NusTD= 0
##$O1= 15845.8887036
##$ProjAngle= 0
##$SFO1= 176.081275928704
##$SW= 249.996250340802
##$SW_h= 44019.6587374
##$TD= 1024
##END=
