##TITLE= Parameter file, TopSpin 3.6.5
##JCAMPDX= 5.0
##DATATYPE= Parameter Values
##NPOINTS= 1	$$ modification sequence number
##ORIGIN= Bruker BioSpin GmbH
##OWNER= chemist
$$ 2023-08-09 08:28:34.710 +0100  chemist@arran
$$ C:/Bruker/TopSpin3.6.5/exp/stan/nmr/par/user/HOBShsqc_temp/acqu2
$$ process C:\Bruker\TopSpin3.6.5\prog\mod\edparproc.exe
##$ACQT0= 0
##$BF1= 176.06543004
##$FnILOOP= 0
##$FnMODE= 6
##$NUC1= <13C>
##$NusJSP= 0
##$NusT2= 1
##$NusTD= 0
##$O1= 12324.5801028
##$ProjAngle= 0
##$SFO1= 176.077754620103
##$SW= 160.0007999465
##$SW_h= 28172.581592
##$TD= 512
##END=
