##TITLE= Parameter file, TOPSPIN		Version 3.2
##JCAMPDX= 5.0
##DATATYPE= Parameter Values
##NPOINTS= 1	$$ modification sequence number
##ORIGIN= Bruker BioSpin GmbH
##OWNER= Administrator
$$ 2016-11-18 11:48:09.821 +0000  Administrator@florence
$$ C:/Bruker/TopSpin3.2/exp/stan/nmr/par/user/jrn-cage-led-dosy/acqu2
$$ process C:\Bruker\TopSpin3.2\prog\mod\edparproc.exe
##$ACQT0= 0
##$BF1= 400.13
##$FnMODE= 1
##$NUC1= <1H>
##$NusJSP= 0
##$NusT2= 1
##$NusTD= 0
##$O1= 2470.96654339884
##$SFO1= 400.132470966543
##$SW= 9.996704755723
##$SW_h= 4000
##$TD= 16
##END=
