##TITLE= Parameter file, TopSpin 3.6.0
##JCAMPDX= 5.0
##DATATYPE= Parameter Values
##NPOINTS= 10	$$ modification sequence number
##ORIGIN= Bruker BioSpin GmbH
##OWNER= nmr-user
$$ 2019-08-12 15:08:00.809 +0100  root@arran
$$ C:/Bruker/TopSpin3.6.0/exp/stan/nmr/par/user/NOAH3_BSN/acqu2
$$ process C:\Bruker\TopSpin3.6.0\prog\mod\expinstall.exe
##$ACQT0= 0
##$BF1= 176.06543004
##$FnILOOP= 0
##$FnMODE= 6
##$NUC1= <13C>
##$NusJSP= 0
##$NusT2= 1
##$NusTD= 0
##$O1= 17606.542
##$PULPROG= <zg30>
##$ProjAngle= 0
##$SFO1= 176.083036582
##$SW= 180
##$SW_h= 31694.94658476
##$TD= 768
##END=
