##TITLE= Parameter file, TopSpin 3.6.4
##JCAMPDX= 5.0
##DATATYPE= Parameter Values
##NPOINTS= 1	$$ modification sequence number
##ORIGIN= Bruker BioSpin GmbH
##OWNER= ptg20
$$ 2023-10-10 12:06:54.624 +0100  ptg20@glengrant
$$ C:/Bruker/TopSpin3.6.4/exp/stan/nmr/par/user/Proton_T1.std/acqu2
$$ process C:\Bruker\TopSpin3.6.4\prog\mod\edparproc.exe
##$ACQT0= 0
##$BF1= 500.2
##$FnILOOP= 0
##$FnMODE= 1
##$NUC1= <1H>
##$NusJSP= 0
##$NusT2= 1
##$NusTD= 0
##$O1= 2350.94
##$ProjAngle= 0
##$SFO1= 500.20235094
##$SW= 9.99595461837355
##$SW_h= 5000
##$TD= 7
##END=
