##TITLE= Parameter file, TopSpin 3.6.4
##JCAMPDX= 5.0
##DATATYPE= Parameter Values
##NPOINTS= 1	$$ modification sequence number
##ORIGIN= Bruker BioSpin GmbH
##OWNER= ls2049
$$ 2023-05-09 12:01:02.800 +0100  ls2049@auchentoshan
$$ C:\Bruker\TopSpin3.6.4\exp\stan\nmr\par\user/19F_T1.std/acqu2
$$ process C:\Bruker\TopSpin3.6.4\prog\mod\edparproc.exe
##$ACQT0= 0
##$BF1= 400.13
##$FnILOOP= 0
##$FnMODE= 1
##$NUC1= <1H>
##$NusJSP= 0
##$NusT2= 1
##$NusTD= 0
##$O1= 1880.611
##$ProjAngle= 0
##$SFO1= 400.131880611
##$SW= 9.99670407139769
##$SW_h= 4000
##$TD= 7
##END=
